GEM
  remote: https://rubygems.org/
  specs:
    rack (2.0.5)

PLATFORMS
  ruby

DEPENDENCIES
  rack (>= 2.0)

BUNDLED WITH
   1.16.5
