GEM
  remote: https://rubygems.org/
  specs:
    minitest (5.16.1)
    minitest-focus (1.3.1)
      minitest (>= 4, < 6)
    minitest-rg (5.2.0)
      minitest (~> 5.0)

PLATFORMS
  ruby

DEPENDENCIES
  minitest (~> 5.16)
  minitest-focus (~> 1.1)
  minitest-rg (~> 5.2)

BUNDLED WITH
   2.2.33
